GEM
  remote: https://rubygems.org/
  specs:
    pg (1.5.3)

PLATFORMS
  x86_64-darwin-20

DEPENDENCIES
  pg

BUNDLED WITH
   2.4.13
